GEM
  remote: https://rubygems.org/
  specs:
    activesupport (2.3.18)

PLATFORMS
  ruby

DEPENDENCIES
  activesupport (~> 2.3.8)
